PATH
  remote: .
  specs:
    api_connect_client (0.1.0)
      json (>= 2.1.0)

GEM
  remote: https://rubygems.org/
  specs:
    json (2.1.0)

PLATFORMS
  ruby

DEPENDENCIES
  api_connect_client!

BUNDLED WITH
   1.16.1
